GEM
  remote: http://rubygems.org/
  specs:
    builder (2.1.2)
    capistrano (2.5.19)
      highline
      net-scp (>= 1.0.0)
      net-sftp (>= 2.0.0)
      net-ssh (>= 2.0.14)
      net-ssh-gateway (>= 1.0.0)
    daemons (1.1.8)
    eventmachine (0.12.10)
    git-deploy (0.4.1)
      capistrano (~> 2.5.9)
    highline (1.6.1)
    net-scp (1.0.4)
      net-ssh (>= 1.99.1)
    net-sftp (2.0.5)
      net-ssh (>= 2.0.9)
    net-ssh (2.0.23)
    net-ssh-gateway (1.0.1)
      net-ssh (>= 1.99.1)
    rack (1.2.1)
    rack-rewrite (1.0.2)
    rake (0.9.2.2)
    rdiscount (1.6.5)
    shotgun (0.8)
      rack (>= 1.0)
    thin (1.3.1)
      daemons (>= 1.0.9)
      eventmachine (>= 0.12.6)
      rack (>= 1.0.0)
    toto (0.4.6)
      builder
      rack
      rdiscount

PLATFORMS
  ruby

DEPENDENCIES
  capistrano (= 2.5.19)
  git-deploy (= 0.4.1)
  rack-rewrite (= 1.0.2)
  rake
  shotgun
  thin
  toto (= 0.4.6)
